GEM
  remote: http://rubygems.org/
  specs:
    diff-lcs (1.2.4)
    fakeweb (1.3.0)
    mini_portile (0.5.2)
    nokogiri (1.6.0)
      mini_portile (~> 0.5.0)
    rake (10.1.0)
    rspec (2.14.1)
      rspec-core (~> 2.14.0)
      rspec-expectations (~> 2.14.0)
      rspec-mocks (~> 2.14.0)
    rspec-core (2.14.6)
    rspec-expectations (2.14.3)
      diff-lcs (>= 1.1.3, < 2.0)
    rspec-mocks (2.14.4)
    ruby-hmac (0.4.0)
    vcr (2.6.0)

PLATFORMS
  ruby

DEPENDENCIES
  fakeweb
  nokogiri (~> 1.4)
  rake
  rspec
  ruby-hmac (~> 0.3)
  vcr
